GEM
  remote: https://rubygems.org/
  specs:
    corefoundation (0.2.0)
      ffi
    faraday (1.0.1)
      multipart-post (>= 1.2, < 3)
    faraday_middleware (1.0.0)
      faraday (~> 1.0)
    ffi (1.14.2)
    hashie (4.1.0)
    keylime (0.2.1)
      ruby-keychain (~> 0.3.0)
      userinput (~> 1.0.0)
    multipart-post (2.1.1)
    mustermann (1.1.1)
      ruby2_keywords (~> 0.0.1)
    plaid (11.0.0)
      faraday
      faraday_middleware
      hashie (>= 3.4.3)
    rack (2.2.6.3)
    rack-protection (2.2.0)
      rack
    ruby-keychain (0.3.2)
      corefoundation (~> 0.2.0)
      ffi
    ruby2_keywords (0.0.5)
    sinatra (2.2.0)
      mustermann (~> 1.0)
      rack (~> 2.2)
      rack-protection (= 2.2.0)
      tilt (~> 2.0)
    tilt (2.0.10)
    userinput (1.0.2)

PLATFORMS
  ruby

DEPENDENCIES
  keylime
  plaid (~> 11.0.0)
  sinatra

BUNDLED WITH
   1.17.2
